GEM
  remote: https://rubygems.org/
  specs:
    jruby-jars (9.2.11.1)
    jruby-rack (1.1.21)
    jrubyfx (1.2.0-java)
      jrubyfx-fxmlloader (>= 0.4)
    jrubyfx-fxmlloader (0.4.2-java)
    oauth (0.5.4)
    rake (13.0.1)
    rubyzip (1.3.0)
    warbler (2.0.5)
      jruby-jars (>= 9.0.0.0)
      jruby-rack (>= 1.1.1, < 1.3)
      rake (>= 10.1.0)
      rubyzip (~> 1.0, < 1.4)

PLATFORMS
  java

DEPENDENCIES
  jrubyfx
  jrubyfx-fxmlloader
  oauth
  rubyzip
  warbler

BUNDLED WITH
   1.16.2
