GEM
  remote: https://rubygems.org/
  specs:
    jruby-jars (1.7.21)
    jruby-rack (1.1.19)
    jrubyfx (1.1.1-java)
      jrubyfx-fxmlloader (>= 0.4)
    jrubyfx-fxmlloader (0.4-java)
    oauth (0.4.7)
    rake (10.4.2)
    rubyzip (1.1.7)
    warbler (1.4.9)
      jruby-jars (>= 1.5.6, < 2.0)
      jruby-rack (>= 1.1.1, < 1.3)
      rake (>= 0.9.6)
      rubyzip (>= 0.9, < 1.2)

PLATFORMS
  java

DEPENDENCIES
  jrubyfx
  jrubyfx-fxmlloader
  oauth
  rubyzip
  warbler
