GEM
  remote: https://rubygems.org/
  specs:
    jruby-jars (9.1.2.0)
    jruby-rack (1.1.20)
    jrubyfx (1.1.1-java)
      jrubyfx-fxmlloader (>= 0.4)
    jrubyfx-fxmlloader (0.4.1-java)
    oauth (0.5.1)
    rake (11.2.2)
    rubyzip (1.2.0)
    warbler (2.0.3)
      jruby-jars (>= 9.0.0.0)
      jruby-rack (>= 1.1.1, < 1.3)
      rake (>= 10.1.0)
      rubyzip (~> 1.0, < 1.4)

PLATFORMS
  java

DEPENDENCIES
  jrubyfx
  jrubyfx-fxmlloader
  oauth
  rubyzip
  warbler

BUNDLED WITH
   1.12.5
